GEM
  remote: https://rubygems.org/
  specs:
    curses (1.4.4)

PLATFORMS
  x86_64-linux

DEPENDENCIES
  curses (~> 1.4)

BUNDLED WITH
   2.3.20
